GEM
  remote: http://rubygems.org/
  specs:
    coffee-script (2.2.0)
      coffee-script-source
      execjs
    coffee-script-source (1.1.2)
    execjs (1.2.6)
      multi_json (~> 1.0)
    growl_notify (0.0.1)
      rb-appscript
    guard (0.7.0)
      thor (~> 0.14.6)
    guard-sprockets2 (0.0.4)
      guard
      sprockets (~> 2.0)
    hike (1.2.1)
    multi_json (1.0.3)
    rack (1.6.13)
    rb-appscript (0.6.1)
    rb-fsevent (0.4.3.1)
    sass (3.1.7)
    sinatra (1.2.6)
      rack (~> 1.1)
      tilt (>= 1.2.2, < 2.0)
    sprockets (2.0.0)
      hike (~> 1.2)
      rack (~> 1.0)
      tilt (~> 1.1, != 1.3.0)
    thor (0.14.6)
    tilt (1.3.3)
    uglifier (1.0.3)
      execjs (>= 0.3.0)
      multi_json (>= 1.0.2)

PLATFORMS
  ruby

DEPENDENCIES
  coffee-script
  growl_notify
  guard-sprockets2
  rb-fsevent
  sass
  sinatra
  sprockets
  uglifier
